GEM
  remote: https://rubygems.org/
  specs:
    backports (3.11.3)
    erubis (2.7.0)
    multi_json (1.13.1)
    pg (1.0.0)
    rack (1.6.10)
    rack-protection (1.5.5)
      rack
    rack-test (1.0.0)
      rack (>= 1.0, < 3)
    sinatra (1.4.8)
      rack (~> 1.5)
      rack-protection (~> 1.4)
      tilt (>= 1.3, < 3)
    sinatra-contrib (1.4.7)
      backports (>= 2.0)
      multi_json
      rack-protection
      rack-test
      sinatra (~> 1.4.0)
      tilt (>= 1.3, < 3)
    tilt (2.0.8)

PLATFORMS
  ruby

DEPENDENCIES
  erubis
  pg
  sinatra (~> 1.4.7)
  sinatra-contrib

BUNDLED WITH
   1.16.1
