GEM
  remote: https://rubygems.org/
  specs:
    pg (1.0.0)

PLATFORMS
  ruby

DEPENDENCIES
  pg (~> 1.0)

RUBY VERSION
   ruby 2.5.1p57

BUNDLED WITH
   1.16.1
